GEM
  specs:
    mini_portile2 (2.4.0)
    nokogiri (1.10.7)
      mini_portile2 (~> 2.4.0)
    ostruct (0.1.0)
    roo (2.8.2)
      nokogiri (~> 1)
      rubyzip (>= 1.2.1, < 2.0.0)
    rubyXL (3.4.10)
      nokogiri (>= 1.4.4)
      rubyzip (>= 1.3.0)
    rubyzip (1.3.0)

PLATFORMS
  ruby

DEPENDENCIES
  ostruct (~> 0.1.0)
  roo (~> 2.8)
  rubyXL (~> 3.4)

BUNDLED WITH
   2.1.1
