GEM
  specs:
    byebug (11.0.1)
    coderay (1.1.2)
    ffi (1.11.3)
    listen (3.1.5)
      rb-fsevent (~> 0.9, >= 0.9.4)
      rb-inotify (~> 0.9, >= 0.9.7)
      ruby_dep (~> 1.2)
    method_source (0.9.2)
    mini_portile2 (2.4.0)
    nokogiri (1.10.7)
      mini_portile2 (~> 2.4.0)
    ostruct (0.1.0)
    pry (0.12.2)
      coderay (~> 1.1.0)
      method_source (~> 0.9.0)
    pry-byebug (3.7.0)
      byebug (~> 11.0)
      pry (~> 0.10)
    rb-fsevent (0.10.3)
    rb-inotify (0.10.0)
      ffi (~> 1.0)
    roo (2.8.2)
      nokogiri (~> 1)
      rubyzip (>= 1.2.1, < 2.0.0)
    rubyXL (3.4.10)
      nokogiri (>= 1.4.4)
      rubyzip (>= 1.3.0)
    ruby_dep (1.5.0)
    rubyzip (1.3.0)
    zache (0.12.0)
    zeitwerk (2.2.2)

PLATFORMS
  ruby

DEPENDENCIES
  listen
  ostruct (~> 0.1.0)
  pry
  pry-byebug
  roo (~> 2.8)
  rubyXL (~> 3.4)
  zache
  zeitwerk

BUNDLED WITH
   2.1.1
